GEM
  remote: https://rubygems.org/
  specs:
    ansi (1.5.0)
    asciidoctor (1.5.5)
    ast (2.3.0)
    awestruct (0.5.7)
      asciidoctor (~> 1.5, >= 1.5.2)
      git (~> 1.2, >= 1.2.6)
      guard (~> 2.13, >= 2.13.0)
      guard-livereload (~> 2.1, >= 2.1.2)
      haml (~> 4.0, >= 4.0.5)
      listen (>= 2.7.1, <= 4.0)
      logging (~> 2.0)
      mime-types (~> 2.1)
      oga (~> 1.3)
      parallel (~> 1.1, > 1.1.1)
      rack (~> 1.5, >= 1.5.2)
      rest-client (~> 1.7, >= 1.7.2)
      tilt (~> 2.0, >= 2.0.1)
    coderay (1.1.1)
    domain_name (0.5.20170223)
      unf (>= 0.0.5, < 1.0.0)
    em-websocket (0.5.1)
      eventmachine (>= 0.12.9)
      http_parser.rb (~> 0.6.0)
    eventmachine (1.2.3)
    ffi (1.9.18)
    formatador (0.2.5)
    git (1.3.0)
    guard (2.14.1)
      formatador (>= 0.2.4)
      listen (>= 2.7, < 4.0)
      lumberjack (~> 1.0)
      nenv (~> 0.1)
      notiffany (~> 0.0)
      pry (>= 0.9.12)
      shellany (~> 0.0)
      thor (>= 0.18.1)
    guard-compat (1.2.1)
    guard-livereload (2.5.2)
      em-websocket (~> 0.5)
      guard (~> 2.8)
      guard-compat (~> 1.0)
      multi_json (~> 1.8)
    haml (4.0.7)
      tilt
    http-cookie (1.0.3)
      domain_name (~> 0.5)
    http_parser.rb (0.6.0)
    listen (3.1.5)
      rb-fsevent (~> 0.9, >= 0.9.4)
      rb-inotify (~> 0.9, >= 0.9.7)
      ruby_dep (~> 1.2)
    little-plugger (1.1.4)
    logging (2.2.0)
      little-plugger (~> 1.1)
      multi_json (~> 1.10)
    lumberjack (1.0.11)
    method_source (0.8.2)
    mime-types (2.99.3)
    multi_json (1.12.1)
    nenv (0.3.0)
    netrc (0.11.0)
    notiffany (0.1.1)
      nenv (~> 0.1)
      shellany (~> 0.0)
    oga (1.3.1)
      ast
      ruby-ll (~> 2.1)
    parallel (1.10.0)
    pry (0.10.4)
      coderay (~> 1.1.0)
      method_source (~> 0.8.1)
      slop (~> 3.4)
    rack (1.6.5)
    rb-fsevent (0.9.8)
    rb-inotify (0.9.8)
      ffi (>= 0.5.0)
    rest-client (1.8.0)
      http-cookie (>= 1.0.2, < 2.0)
      mime-types (>= 1.16, < 3.0)
      netrc (~> 0.7)
    ruby-ll (2.1.2)
      ansi
      ast
    ruby_dep (1.5.0)
    shellany (0.0.1)
    slop (3.6.0)
    thor (0.19.4)
    tilt (2.0.6)
    unf (0.1.4)
      unf_ext
    unf_ext (0.0.7.2)
    webrick (1.3.1)

PLATFORMS
  ruby

DEPENDENCIES
  awestruct (~> 0.5.3)
  webrick (~> 1.3.1)

BUNDLED WITH
   1.14.6
