GEM
  remote: https://rubygems.org/
  specs:
    activemodel (3.2.22.5)
      activesupport (= 3.2.22.5)
      builder (~> 3.0.0)
    activerecord (3.2.22.5)
      activemodel (= 3.2.22.5)
      activesupport (= 3.2.22.5)
      arel (~> 3.0.2)
      tzinfo (~> 0.3.29)
    activesupport (3.2.22.5)
      i18n (~> 0.6, >= 0.6.4)
      multi_json (~> 1.0)
    ansi (1.5.0)
    arel (3.0.3)
    asciidoctor (1.5.4)
    ast (2.3.0)
    awestruct (0.5.6)
      asciidoctor (~> 1.5, >= 1.5.2)
      colorize (~> 0.7, >= 0.7.1)
      compass (~> 1, >= 1.0.1)
      git (~> 1.2, >= 1.2.6)
      guard-livereload (~> 2.1, >= 2.1.2)
      haml (~> 4.0, >= 4.0.5)
      listen (~> 2.7, >= 2.7.1)
      mime-types (~> 2.1)
      oga (~> 0.3)
      parallel (~> 1.1, > 1.1.1)
      rack (~> 1.5, >= 1.5.2)
      rest-client (~> 1.7, >= 1.7.2)
      sass (~> 3.2)
      tilt (~> 2.0, >= 2.0.1)
    builder (3.0.4)
    celluloid (0.16.0)
      timers (~> 4.0.0)
    chunky_png (1.3.8)
    coderay (1.1.1)
    colorize (0.8.1)
    compass (1.0.3)
      chunky_png (~> 1.2)
      compass-core (~> 1.0.2)
      compass-import-once (~> 1.0.5)
      rb-fsevent (>= 0.9.3)
      rb-inotify (>= 0.9)
      sass (>= 3.3.13, < 3.5)
    compass-core (1.0.3)
      multi_json (~> 1.0)
      sass (>= 3.3.0, < 3.5)
    compass-import-once (1.0.5)
      sass (>= 3.2, < 3.5)
    domain_name (0.5.20170223)
      unf (>= 0.0.5, < 1.0.0)
    em-websocket (0.5.1)
      eventmachine (>= 0.12.9)
      http_parser.rb (~> 0.6.0)
    eventmachine (1.2.3)
    ffi (1.9.18)
    formatador (0.2.5)
    git (1.3.0)
    guard (2.14.1)
      formatador (>= 0.2.4)
      listen (>= 2.7, < 4.0)
      lumberjack (~> 1.0)
      nenv (~> 0.1)
      notiffany (~> 0.0)
      pry (>= 0.9.12)
      shellany (~> 0.0)
      thor (>= 0.18.1)
    guard-compat (1.2.1)
    guard-livereload (2.5.2)
      em-websocket (~> 0.5)
      guard (~> 2.8)
      guard-compat (~> 1.0)
      multi_json (~> 1.8)
    haml (4.0.7)
      tilt
    hitimes (1.2.4)
    http-cookie (1.0.3)
      domain_name (~> 0.5)
    http_parser.rb (0.6.0)
    i18n (0.8.1)
    listen (2.10.1)
      celluloid (~> 0.16.0)
      rb-fsevent (>= 0.9.3)
      rb-inotify (>= 0.9)
    lumberjack (1.0.11)
    method_source (0.8.2)
    mime-types (2.99.3)
    multi_json (1.12.1)
    nenv (0.3.0)
    netrc (0.11.0)
    normalize (0.0.3)
      activerecord (~> 3.0)
    notiffany (0.1.1)
      nenv (~> 0.1)
      shellany (~> 0.0)
    oga (0.3.4)
      ast
      ruby-ll (~> 2.1)
    parallel (1.10.0)
    pry (0.10.4)
      coderay (~> 1.1.0)
      method_source (~> 0.8.1)
      slop (~> 3.4)
    rack (1.6.5)
    rb-fsevent (0.9.8)
    rb-inotify (0.9.8)
      ffi (>= 0.5.0)
    rest-client (1.8.0)
      http-cookie (>= 1.0.2, < 2.0)
      mime-types (>= 1.16, < 3.0)
      netrc (~> 0.7)
    ruby-ll (2.1.2)
      ansi
      ast
    sass (3.4.23)
    shellany (0.0.1)
    slop (3.6.0)
    thor (0.19.4)
    tilt (2.0.6)
    timers (4.0.4)
      hitimes
    tzinfo (0.3.52)
    unf (0.1.4)
      unf_ext
    unf_ext (0.0.7.2)
    webrick (1.3.1)
    zurb-foundation (4.3.2)
      sass (>= 3.2.0)

PLATFORMS
  ruby

DEPENDENCIES
  asciidoctor (= 1.5.4)
  awestruct (= 0.5.6)
  normalize (= 0.0.3)
  webrick (~> 1.3.1)
  zurb-foundation (= 4.3.2)

BUNDLED WITH
   1.14.6
